PATH
  remote: .
  specs:
    unifi_hosts (0.1.0)
      thor

GEM
  remote: https://rubygems.org/
  specs:
    power_assert (2.0.3)
    rake (13.1.0)
    test-unit (3.6.1)
      power_assert
    thor (1.3.0)

PLATFORMS
  universal-darwin-19
  x86_64-darwin-22

DEPENDENCIES
  rake (~> 13.0)
  test-unit (~> 3.0)
  unifi_hosts!

BUNDLED WITH
   2.4.22
