PATH
  remote: .
  specs:
    unifi_dedupe_hosts (0.1.0)
      thor

GEM
  remote: https://rubygems.org/
  specs:
    power_assert (1.2.0)
    rake (13.0.3)
    test-unit (3.3.7)
      power_assert
    thor (1.0.1)

PLATFORMS
  universal-darwin-19

DEPENDENCIES
  rake (~> 13.0)
  test-unit (~> 3.0)
  unifi_dedupe_hosts!

BUNDLED WITH
   2.2.3
